GIT
  remote: git://github.com/schacon/showoff.git
  revision: 52d064a3c653fb90a9cf6f069ff16f4c76942ce6
  specs:
    showoff (0.7.0)
      gli (>= 1.3.2)
      json
      nokogiri
      parslet
      redcarpet
      sinatra (~> 1.3)

GEM
  remote: http://rubygems.org/
  specs:
    blankslate (2.1.2.4)
    coderay (1.0.5)
    gli (1.5.1)
    json (1.6.5)
    method_source (0.7.1)
    nokogiri (1.5.2)
    parslet (1.3.0)
      blankslate (~> 2.0)
    pdfkit (0.5.2)
    pry (0.9.8.4)
      coderay (~> 1.0.5)
      method_source (~> 0.7.1)
      slop (>= 2.4.4, < 3)
    pry-nav (0.2.0)
      pry (~> 0.9.8.1)
    rack (1.4.1)
    rack-protection (1.2.0)
      rack
    redcarpet (2.1.1)
    rmagick (2.13.1)
    sinatra (1.3.2)
      rack (~> 1.3, >= 1.3.6)
      rack-protection (~> 1.2)
      tilt (~> 1.3, >= 1.3.3)
    slop (2.4.4)
    tilt (1.3.3)

PLATFORMS
  ruby

DEPENDENCIES
  pdfkit
  pry
  pry-nav
  rmagick
  showoff!
